GEM
  remote: https://rubygems.org/
  specs:
    addressable (2.7.0)
      public_suffix (>= 2.0.2, < 5.0)
    ddtrace (0.49.0)
      ffi (~> 1.0)
      msgpack
    descendants_tracker (0.0.4)
      thread_safe (~> 0.3, >= 0.3.1)
    faraday (1.4.1)
      faraday-excon (~> 1.1)
      faraday-net_http (~> 1.0)
      faraday-net_http_persistent (~> 1.1)
      multipart-post (>= 1.2, < 3)
      ruby2_keywords (>= 0.0.4)
    faraday-excon (1.1.0)
    faraday-net_http (1.0.1)
    faraday-net_http_persistent (1.1.0)
    ffi (1.15.0)
    github_api (0.19.0)
      addressable (~> 2.4)
      descendants_tracker (~> 0.0.4)
      faraday (>= 0.8, < 2)
      hashie (~> 3.5, >= 3.5.2)
      oauth2 (~> 1.0)
    google-protobuf (3.17.0)
    hashie (3.6.0)
    jwt (2.2.3)
    msgpack (1.4.2)
    multi_json (1.15.0)
    multi_xml (0.6.0)
    multipart-post (2.1.1)
    mustermann (1.1.1)
      ruby2_keywords (~> 0.0.1)
    oauth2 (1.4.7)
      faraday (>= 0.8, < 2.0)
      jwt (>= 1.0, < 3.0)
      multi_json (~> 1.3)
      multi_xml (~> 0.5)
      rack (>= 1.2, < 3)
    octokit (4.21.0)
      faraday (>= 0.9)
      sawyer (~> 0.8.0, >= 0.5.3)
    opentelemetry-api (0.17.0)
    opentelemetry-common (0.17.0)
      opentelemetry-api (~> 0.17.0)
    opentelemetry-exporter-jaeger (0.17.0)
      opentelemetry-api (~> 0.17.0)
      opentelemetry-common (~> 0.17.0)
      opentelemetry-sdk (~> 0.17.0)
      thrift
    opentelemetry-exporter-otlp (0.17.0)
      google-protobuf (~> 3.7)
      opentelemetry-api (~> 0.17.0)
      opentelemetry-common (~> 0.17.0)
      opentelemetry-sdk (~> 0.17.0)
    opentelemetry-instrumentation-base (0.17.0)
      opentelemetry-api (~> 0.17.0)
    opentelemetry-instrumentation-faraday (0.17.0)
      opentelemetry-api (~> 0.17.0)
      opentelemetry-common (~> 0.17.0)
      opentelemetry-instrumentation-base (~> 0.17.0)
    opentelemetry-instrumentation-http (0.17.0)
      opentelemetry-api (~> 0.17.0)
      opentelemetry-instrumentation-base (~> 0.17.0)
    opentelemetry-instrumentation-rack (0.17.0)
      opentelemetry-api (~> 0.17.0)
      opentelemetry-instrumentation-base (~> 0.17.0)
    opentelemetry-instrumentation-redis (0.17.0)
      opentelemetry-api (~> 0.17.0)
      opentelemetry-common (~> 0.17.0)
      opentelemetry-instrumentation-base (~> 0.17.0)
    opentelemetry-instrumentation-sinatra (0.17.0)
      opentelemetry-api (~> 0.17.0)
      opentelemetry-instrumentation-base (~> 0.17.0)
    opentelemetry-sdk (0.17.0)
      opentelemetry-api (~> 0.17.0)
      opentelemetry-common (~> 0.17.0)
      opentelemetry-instrumentation-base (~> 0.17.0)
    public_suffix (4.0.6)
    puma (3.12.6)
    rack (2.2.3)
    rack-protection (2.1.0)
      rack
    redis (4.2.5)
    redis-sinatra (1.4.2)
      redis-store (>= 1.1, < 2)
      sinatra (>= 1, < 3)
    redis-store (1.9.0)
      redis (>= 4, < 5)
    ruby2_keywords (0.0.4)
    sawyer (0.8.2)
      addressable (>= 2.3.5)
      faraday (> 0.8, < 2.0)
    sinatra (2.1.0)
      mustermann (~> 1.0)
      rack (~> 2.2)
      rack-protection (= 2.1.0)
      tilt (~> 2.0)
    sinatra-contrib (2.1.0)
      multi_json
      mustermann (~> 1.0)
      rack-protection (= 2.1.0)
      sinatra (= 2.1.0)
      tilt (~> 2.0)
    thread_safe (0.3.6)
    thrift (0.14.1)
    tilt (2.0.10)

PLATFORMS
  ruby

DEPENDENCIES
  ddtrace
  github_api
  octokit (~> 4.0)
  opentelemetry-api
  opentelemetry-exporter-jaeger
  opentelemetry-exporter-otlp
  opentelemetry-instrumentation-faraday
  opentelemetry-instrumentation-http
  opentelemetry-instrumentation-rack
  opentelemetry-instrumentation-redis
  opentelemetry-instrumentation-sinatra
  opentelemetry-sdk
  puma (~> 3.11)
  redis-sinatra
  sinatra
  sinatra-contrib

RUBY VERSION
   ruby 2.6.3p62

BUNDLED WITH
   1.17.3
